GEM
  remote: http://rubygems.org/
  remote: http://rubygems.org/
  remote: http://rubygems.org/
  specs:
    getopt (1.4.1)
    highline (1.6.11)
    json (1.6.6)
    net-ssh (2.3.0)
    net-ssh-gateway (1.1.0)
      net-ssh (>= 1.99.1)
    net-ssh-multi (1.1)
      net-ssh (>= 2.1.4)
      net-ssh-gateway (>= 0.99.0)

PLATFORMS
  ruby

DEPENDENCIES
  getopt
  highline
  json
  net-ssh-multi
